GEM
  specs:
    awesome_print (1.8.0)
    byebug (11.0.1)

PLATFORMS
  ruby

DEPENDENCIES
  awesome_print
  byebug

BUNDLED WITH
   2.0.1
